GEM
  remote: https://rubygems.org/
  specs:
    redcarpet (3.5.1)

PLATFORMS
  x86_64-darwin-20

DEPENDENCIES
  redcarpet

BUNDLED WITH
   2.2.3
